PATH
  remote: .
  specs:
    digit_array (1.0.1)

GEM
  remote: https://rubygems.org/
  specs:

PLATFORMS
  x86_64-darwin-22

DEPENDENCIES
  digit_array!

BUNDLED WITH
   2.4.1
